GEM
  remote: https://rubygems.org/
  specs:
    ast (2.4.2)
    bcrypt (3.1.17)
    bigdecimal (3.1.7)
    bundle-audit (0.1.0)
      bundler-audit
    bundler-audit (0.9.1)
      bundler (>= 1.2.0, < 3)
      thor (~> 1.0)
    concurrent-ruby (1.3.4)
    database_cleaner-core (2.0.1)
    database_cleaner-sequel (2.0.2)
      database_cleaner-core (~> 2.0.0)
      sequel
    diff-lcs (1.5.0)
    dry-configurable (0.13.0)
      concurrent-ruby (~> 1.0)
      dry-core (~> 0.6)
    dry-container (0.9.0)
      concurrent-ruby (~> 1.0)
      dry-configurable (~> 0.13, >= 0.13.0)
    dry-core (0.9.1)
      concurrent-ruby (~> 1.0)
      zeitwerk (~> 2.6)
    dry-inflector (0.2.1)
    dry-initializer (3.1.1)
    dry-logic (1.2.0)
      concurrent-ruby (~> 1.0)
      dry-core (~> 0.5, >= 0.5)
    dry-monads (1.4.0)
      concurrent-ruby (~> 1.0)
      dry-core (~> 0.7)
    dry-schema (1.9.1)
      concurrent-ruby (~> 1.0)
      dry-configurable (~> 0.13, >= 0.13.0)
      dry-core (~> 0.5, >= 0.5)
      dry-initializer (~> 3.0)
      dry-logic (~> 1.0)
      dry-types (~> 1.5)
    dry-struct (1.4.0)
      dry-core (~> 0.5, >= 0.5)
      dry-types (~> 1.5)
      ice_nine (~> 0.11)
    dry-types (1.5.1)
      concurrent-ruby (~> 1.0)
      dry-container (~> 0.3)
      dry-core (~> 0.5, >= 0.5)
      dry-inflector (~> 0.1, >= 0.1.2)
      dry-logic (~> 1.0, >= 1.0.2)
    dry-validation (1.8.0)
      concurrent-ruby (~> 1.0)
      dry-container (~> 0.7, >= 0.7.1)
      dry-core (~> 0.5, >= 0.5)
      dry-initializer (~> 3.0)
      dry-schema (~> 1.9, >= 1.9.1)
    ice_nine (0.11.2)
    json (2.7.1)
    kwalify (0.7.2)
    language_server-protocol (3.17.0.3)
    multi_json (1.15.0)
    mustermann (2.0.2)
      ruby2_keywords (~> 0.0.1)
    mysql2 (0.5.5)
    nio4r (2.7.0)
    oj (3.16.3)
      bigdecimal (>= 3.0)
    parallel (1.23.0)
    parser (3.2.2.4)
      ast (~> 2.4.1)
      racc
    pg (1.3.5)
    puma (5.6.8)
      nio4r (~> 2.0)
    racc (1.6.0)
    rack (2.2.9)
    rack-protection (2.2.4)
      rack
    rack-test (1.1.0)
      rack (>= 1.0, < 3)
    racksh (1.0.0)
      rack (>= 1.0)
      rack-test (>= 0.5)
    rainbow (3.1.1)
    reek (6.1.4)
      kwalify (~> 0.7.0)
      parser (~> 3.2.0)
      rainbow (>= 2.0, < 4.0)
    regexp_parser (2.8.3)
    rexml (3.3.6)
      strscan
    rspec (3.11.0)
      rspec-core (~> 3.11.0)
      rspec-expectations (~> 3.11.0)
      rspec-mocks (~> 3.11.0)
    rspec-core (3.11.0)
      rspec-support (~> 3.11.0)
    rspec-expectations (3.11.0)
      diff-lcs (>= 1.2.0, < 2.0)
      rspec-support (~> 3.11.0)
    rspec-mocks (3.11.1)
      diff-lcs (>= 1.2.0, < 2.0)
      rspec-support (~> 3.11.0)
    rspec-support (3.11.0)
    rubocop (1.58.0)
      json (~> 2.3)
      language_server-protocol (>= 3.17.0)
      parallel (~> 1.10)
      parser (>= 3.2.2.4)
      rainbow (>= 2.2.2, < 4.0)
      regexp_parser (>= 1.8, < 3.0)
      rexml (>= 3.2.5, < 4.0)
      rubocop-ast (>= 1.30.0, < 2.0)
      ruby-progressbar (~> 1.7)
      unicode-display_width (>= 2.4.0, < 3.0)
    rubocop-ast (1.30.0)
      parser (>= 3.2.1.0)
    rubocop-capybara (2.19.0)
      rubocop (~> 1.41)
    rubocop-factory_bot (2.24.0)
      rubocop (~> 1.33)
    rubocop-performance (1.20.2)
      rubocop (>= 1.48.1, < 2.0)
      rubocop-ast (>= 1.30.0, < 2.0)
    rubocop-rspec (2.25.0)
      rubocop (~> 1.40)
      rubocop-capybara (~> 2.17)
      rubocop-factory_bot (~> 2.22)
    rubocop-sequel (0.3.4)
      rubocop (~> 1.0)
    ruby-progressbar (1.13.0)
    ruby2_keywords (0.0.5)
    sequel (5.55.0)
    sinatra (2.2.4)
      mustermann (~> 2.0)
      rack (~> 2.2)
      rack-protection (= 2.2.4)
      tilt (~> 2.0)
    sinatra-contrib (2.2.4)
      multi_json
      mustermann (~> 2.0)
      rack-protection (= 2.2.4)
      sinatra (= 2.2.4)
      tilt (~> 2.0)
    strscan (3.1.0)
    thor (1.2.1)
    tilt (2.0.11)
    unicode-display_width (2.5.0)
    zeitwerk (2.6.13)

PLATFORMS
  arm64-darwin-22
  x86_64-darwin-19
  x86_64-linux

DEPENDENCIES
  bcrypt
  bundle-audit
  database_cleaner-sequel
  dry-configurable (~> 0.13.0)
  dry-initializer
  dry-monads
  dry-struct
  dry-types
  dry-validation
  multi_json
  mysql2
  oj
  pg
  puma (~> 5.6.7)
  rack (~> 2.2.8)
  racksh
  reek
  rspec
  rubocop
  rubocop-performance
  rubocop-rspec
  rubocop-sequel
  sequel
  sinatra (~> 2.2.3)
  sinatra-contrib
  thor
  zeitwerk

BUNDLED WITH
   2.2.26
